GEM
  remote: https://rubygems.org/
  specs:
    actionmailer (3.2.11)
      actionpack (= 3.2.11)
      mail (~> 2.4.4)
    actionpack (3.2.11)
      activemodel (= 3.2.11)
      activesupport (= 3.2.11)
      builder (~> 3.0.0)
      erubis (~> 2.7.0)
      journey (~> 1.0.4)
      rack (~> 1.4.0)
      rack-cache (~> 1.2)
      rack-test (~> 0.6.1)
      sprockets (~> 2.2.1)
    activemodel (3.2.11)
      activesupport (= 3.2.11)
      builder (~> 3.0.0)
    activerecord (3.2.11)
      activemodel (= 3.2.11)
      activesupport (= 3.2.11)
      arel (~> 3.0.2)
      tzinfo (~> 0.3.29)
    activeresource (3.2.11)
      activemodel (= 3.2.11)
      activesupport (= 3.2.11)
    activesupport (3.2.11)
      i18n (~> 0.6)
      multi_json (~> 1.0)
    addressable (2.3.3)
    airbrake (3.1.8)
      activesupport
      builder
      json
    airbrake_user_attributes (0.1.6)
      airbrake (~> 3.1.0)
    angularjs-rails (1.0.5)
    arel (3.0.2)
    better_errors (0.7.2)
      coderay (>= 1.0.0)
      erubis (>= 2.6.6)
    binding_of_caller (0.7.1)
      debug_inspector (>= 0.0.1)
    bourne (1.1.2)
      mocha (= 0.10.5)
    builder (3.0.4)
    capybara (2.0.2)
      mime-types (>= 1.16)
      nokogiri (>= 1.3.3)
      rack (>= 1.0.0)
      rack-test (>= 0.5.4)
      selenium-webdriver (~> 2.0)
      xpath (~> 1.0.0)
    capybara-webkit (0.14.2)
      capybara (~> 2.0, >= 2.0.2)
      json
    childprocess (0.3.9)
      ffi (~> 1.0, >= 1.0.11)
    chronic (0.9.1)
    chunky_png (1.2.7)
    classy_enum (3.0.1)
      rails (>= 3.0)
    coderay (1.0.9)
    coffee-rails (3.2.2)
      coffee-script (>= 2.2.0)
      railties (~> 3.2.0)
    coffee-script (2.2.0)
      coffee-script-source
      execjs
    coffee-script-source (1.6.1)
    columnize (0.3.6)
    compass (0.12.2)
      chunky_png (~> 1.2)
      fssm (>= 0.2.7)
      sass (~> 3.1)
    compass-rails (1.0.3)
      compass (>= 0.12.2, < 0.14)
    compass_twitter_bootstrap (2.2.2.2)
      compass
    crack (0.3.2)
    daemons (1.1.9)
    dalli (2.6.2)
    debug_inspector (0.0.2)
    debugger (1.5.0)
      columnize (>= 0.3.1)
      debugger-linecache (~> 1.2.0)
      debugger-ruby_core_source (~> 1.2.0)
    debugger-linecache (1.2.0)
    debugger-ruby_core_source (1.2.0)
    delorean (2.1.0)
      chronic
    diff-lcs (1.2.1)
    erubis (2.7.0)
    eventmachine (1.0.3)
    excon (0.16.10)
    execjs (1.4.0)
      multi_json (~> 1.0)
    factory_girl (4.2.0)
      activesupport (>= 3.0.0)
    factory_girl_rails (4.2.1)
      factory_girl (~> 4.2.0)
      railties (>= 3.0.0)
    ffi (1.4.0)
    friendly_id (4.0.9)
    fssm (0.2.10)
    haml (4.0.0)
      tilt
    haml-rails (0.4)
      actionpack (>= 3.1, < 4.1)
      activesupport (>= 3.1, < 4.1)
      haml (>= 3.1, < 4.1)
      railties (>= 3.1, < 4.1)
    happymapper (0.4.0)
      libxml-ruby (~> 2.0)
    has_scope (0.5.1)
    heroku-api (0.3.8)
      excon (~> 0.16.10)
    heroku_san (4.0.8)
      heroku-api (>= 0.1.2)
      rake
    hike (1.2.1)
    i18n (0.6.4)
    inherited_resources (1.3.1)
      has_scope (~> 0.5.0)
      responders (~> 0.6)
    journey (1.0.4)
    jquery-rails (2.2.1)
      railties (>= 3.0, < 5.0)
      thor (>= 0.14, < 2.0)
    jquery-ui-rails (4.0.2)
      jquery-rails
      railties (>= 3.1.0)
    json (1.7.7)
    kgio (2.8.0)
    launchy (2.2.0)
      addressable (~> 2.3)
    letter_opener (1.1.0)
      launchy (~> 2.2.0)
    libxml-ruby (2.6.0)
    mail (2.4.4)
      i18n (>= 0.4.0)
      mime-types (~> 1.16)
      treetop (~> 1.4.8)
    mail_safe (0.3.1)
      actionmailer (>= 1.3.6)
    memcachier (0.0.2)
    metaclass (0.0.1)
    mime-types (1.21)
    mocha (0.10.5)
      metaclass (~> 0.0.1)
    multi_json (1.7.0)
    newrelic_rpm (3.5.8.72)
    nokogiri (1.5.6)
    nokogiri-happymapper (0.5.6)
      nokogiri (~> 1.5)
    pg (0.14.1)
    pivotal-tracker (0.5.10)
      builder
      builder
      crack
      happymapper (>= 0.3.2)
      nokogiri (>= 1.4.3)
      nokogiri (>= 1.5.5)
      nokogiri-happymapper (>= 0.5.4)
      rest-client (~> 1.6.0)
      rest-client (~> 1.6.0)
    polyamorous (0.5.0)
      activerecord (~> 3.0)
    polyglot (0.3.3)
    rabl (0.8.0)
      activesupport (>= 2.3.14)
    rack (1.4.5)
    rack-cache (1.2)
      rack (>= 0.4)
    rack-ssl (1.3.3)
      rack
    rack-test (0.6.2)
      rack (>= 1.0)
    railroady (1.1.0)
    rails (3.2.11)
      actionmailer (= 3.2.11)
      actionpack (= 3.2.11)
      activerecord (= 3.2.11)
      activeresource (= 3.2.11)
      activesupport (= 3.2.11)
      bundler (~> 1.0)
      railties (= 3.2.11)
    railties (3.2.11)
      actionpack (= 3.2.11)
      activesupport (= 3.2.11)
      rack-ssl (~> 1.3.2)
      rake (>= 0.8.7)
      rdoc (~> 3.4)
      thor (>= 0.14.6, < 2.0)
    raindrops (0.10.0)
    rake (10.0.3)
    rdoc (3.12.2)
      json (~> 1.4)
    redis (3.0.3)
    responders (0.9.3)
      railties (~> 3.1)
    rest-client (1.6.7)
      mime-types (>= 1.16)
    rspec-core (2.13.1)
    rspec-expectations (2.13.0)
      diff-lcs (>= 1.1.3, < 2.0)
    rspec-mocks (2.13.0)
    rspec-rails (2.13.0)
      actionpack (>= 3.0)
      activesupport (>= 3.0)
      railties (>= 3.0)
      rspec-core (~> 2.13.0)
      rspec-expectations (~> 2.13.0)
      rspec-mocks (~> 2.13.0)
    rubyzip (0.9.9)
    sass (3.2.7)
    sass-rails (3.2.6)
      railties (~> 3.2.0)
      sass (>= 3.1.10)
      tilt (~> 1.3)
    seed-fu (2.2.0)
      activerecord (~> 3.1)
      activesupport (~> 3.1)
    selenium-webdriver (2.31.0)
      childprocess (>= 0.2.5)
      multi_json (~> 1.0)
      rubyzip
      websocket (~> 1.0.4)
    shoulda-matchers (1.4.2)
      activesupport (>= 3.0.0)
      bourne (~> 1.1.2)
    spork (1.0.0rc3)
    spork-rails (3.2.1)
      rails (>= 3.0.0, < 3.3.0)
      spork (>= 1.0rc0)
    sprockets (2.2.2)
      hike (~> 1.2)
      multi_json (~> 1.0)
      rack (~> 1.0)
      tilt (~> 1.1, != 1.3.0)
    sql-logging (3.0.8)
      rails (> 3.0.0)
    squeel (1.0.18)
      activerecord (~> 3.0)
      activesupport (~> 3.0)
      polyamorous (~> 0.5.0)
    thin (1.5.1)
      daemons (>= 1.0.9)
      eventmachine (>= 0.12.6)
      rack (>= 1.0.0)
    thor (0.17.0)
    tilt (1.3.6)
    treetop (1.4.12)
      polyglot
      polyglot (>= 0.3.1)
    tzinfo (0.3.37)
    uglifier (1.3.0)
      execjs (>= 0.3.0)
      multi_json (~> 1.0, >= 1.0.2)
    unicorn (4.6.2)
      kgio (~> 2.6)
      rack
      raindrops (~> 0.7)
    websocket (1.0.7)
    xpath (1.0.0)
      nokogiri (~> 1.3)

PLATFORMS
  ruby

DEPENDENCIES
  airbrake_user_attributes
  angularjs-rails
  better_errors
  binding_of_caller
  capybara
  capybara-webkit
  classy_enum (~> 3.0.0)
  coffee-rails
  compass
  compass-rails
  compass_twitter_bootstrap
  dalli
  debugger
  delorean
  execjs
  factory_girl_rails (~> 4.0)
  friendly_id
  haml (>= 3.0.0)
  haml-rails
  has_scope
  heroku_san (~> 4.0.7)
  inherited_resources
  jquery-rails
  jquery-ui-rails
  launchy
  letter_opener
  mail_safe
  memcachier
  newrelic_rpm
  pg
  pivotal-tracker
  rabl
  rack-test
  railroady
  rails (= 3.2.11)
  redis
  responders
  rspec-rails
  sass-rails
  seed-fu
  shoulda-matchers (= 1.4.2)
  spork-rails
  sql-logging
  squeel
  thin
  uglifier
  unicorn
